GEM
  remote: http://rubygems.org/
  specs:
    actionmailer (2.3.8)
      actionpack (= 2.3.8)
    actionpack (2.3.8)
      activesupport (= 2.3.8)
      rack (~> 1.1.0)
    activerecord (2.3.8)
      activesupport (= 2.3.8)
    activeresource (2.3.8)
      activesupport (= 2.3.8)
    activesupport (2.3.8)
    bysykkel (0.4.2)
      nokogiri (>= 1.4.1)
      typhoeus (>= 0.1.31)
    json (1.5.1)
    mime-types (1.16)
    nokogiri (1.4.4)
    rack (1.1.2)
    rails (2.3.8)
      actionmailer (= 2.3.8)
      actionpack (= 2.3.8)
      activerecord (= 2.3.8)
      activeresource (= 2.3.8)
      activesupport (= 2.3.8)
      rake (>= 0.8.3)
    rake (0.8.7)
    typhoeus (0.2.4)
      mime-types
      mime-types

PLATFORMS
  ruby

DEPENDENCIES
  bysykkel
  json
  rails (= 2.3.8)
