GEM
  remote: http://rubygems.org/
  specs:
    actionmailer (2.3.8)
      actionpack (= 2.3.8)
    actionpack (2.3.8)
      activesupport (= 2.3.8)
      rack (~> 1.1.0)
    activerecord (2.3.8)
      activesupport (= 2.3.8)
    activerecord-nulldb-adapter (0.2.1)
      activerecord (>= 2.0.0, < 3.1)
    activeresource (2.3.8)
      activesupport (= 2.3.8)
    activesupport (2.3.8)
    json (1.5.1)
    json (1.5.1-x86-mingw32)
    rack (1.1.2)
    rails (2.3.8)
      actionmailer (= 2.3.8)
      actionpack (= 2.3.8)
      activerecord (= 2.3.8)
      activeresource (= 2.3.8)
      activesupport (= 2.3.8)
      rake (>= 0.8.3)
    rake (0.8.7)

PLATFORMS
  ruby
  x86-mingw32

DEPENDENCIES
  activerecord
  activerecord-nulldb-adapter
  activeresource
  activesupport
  json
  rack
  rails (= 2.3.8)
  rake
